PATH
  remote: .
  specs:
    koto (0.1.0)
      parser (~> 3.0)

GEM
  remote: https://rubygems.org/
  specs:
    ast (2.4.1)
    coderay (1.1.3)
    method_source (1.0.0)
    minitest (5.14.2)
    parser (3.0.0.0)
      ast (~> 2.4.1)
    pry (0.13.1)
      coderay (~> 1.1)
      method_source (~> 1.0)
    rake (13.0.3)

PLATFORMS
  x86_64-linux

DEPENDENCIES
  koto!
  minitest (~> 5.0)
  pry
  rake (~> 13.0)

BUNDLED WITH
   2.2.3
